PATH
  remote: .
  specs:
    usdt_marker (0.1.0)

GEM
  remote: https://rubygems.org/
  specs:
    rake (12.3.3)
    rake-compiler (1.1.0)
      rake

PLATFORMS
  ruby

DEPENDENCIES
  bundler (>= 1.6)
  rake (~> 12.0)
  rake-compiler
  usdt_marker!

BUNDLED WITH
   2.0.2
